PATH
  remote: .
  specs:
    ruby-driver (0.1.0)
      json (>= 1.8.3)
      yajl-ruby (>= 1.3.0)

GEM
  remote: https://rubygems.org/
  specs:
    json (2.0.3)
    minitest (5.10.1)
    rake (10.5.0)
    yajl-ruby (1.3.0)

PLATFORMS
  ruby

DEPENDENCIES
  bundler (~> 1.14)
  minitest (~> 5.0)
  rake (~> 10.0)
  ruby-driver!

BUNDLED WITH
   1.14.5
