PATH
  remote: .
  specs:
    ruby-driver (0.1.0)
      json (>= 1.8.3)

GEM
  remote: https://rubygems.org/
  specs:
    json (2.0.3)
    minitest (5.10.1)
    rake (12.0.0)

PLATFORMS
  ruby

DEPENDENCIES
  bundler (>= 1.14)
  minitest (>= 5.0)
  rake (>= 10.0)
  ruby-driver!

BUNDLED WITH
   1.14.6
